GEM
  remote: https://rubygems.org/
  specs:
    awesome_print (1.2.0)
    binding_of_caller (0.7.2)
      debug_inspector (>= 0.0.1)
    coderay (1.1.0)
    debug_inspector (0.0.2)
    method_source (0.8.2)
    paint (1.0.0)
    pry (0.10.1)
      coderay (~> 1.1.0)
      method_source (~> 0.8.1)
      slop (~> 3.4)
    pry-stack_explorer (0.4.9.1)
      binding_of_caller (>= 0.7)
      pry (>= 0.9.11)
    restclient (0.11.2)
      paint (~> 1.0)
    slop (3.6.0)
    table_print (1.5.3)

PLATFORMS
  ruby

DEPENDENCIES
  awesome_print
  pry
  pry-stack_explorer (~> 0.4.9.1)
  restclient
  table_print
